GEM
  remote: http://rubygems.org/
  specs:
    activesupport (6.1.4)
      concurrent-ruby (~> 1.0, >= 1.0.2)
      i18n (>= 1.6, < 2)
      minitest (>= 5.1)
      tzinfo (~> 2.0)
      zeitwerk (~> 2.3)
    addressable (2.4.0)
    builder (3.2.4)
    concurrent-ruby (1.1.9)
    cucumber (5.3.0)
      builder (~> 3.2, >= 3.2.4)
      cucumber-core (~> 8.0, >= 8.0.1)
      cucumber-create-meta (~> 2.0, >= 2.0.2)
      cucumber-cucumber-expressions (~> 10.3, >= 10.3.0)
      cucumber-gherkin (~> 15.0, >= 15.0.2)
      cucumber-html-formatter (~> 9.0, >= 9.0.0)
      cucumber-messages (~> 13.1, >= 13.1.0)
      cucumber-wire (~> 4.0, >= 4.0.1)
      diff-lcs (~> 1.4, >= 1.4.4)
      multi_test (~> 0.1, >= 0.1.2)
      sys-uname (~> 1.2, >= 1.2.1)
    cucumber-core (8.0.1)
      cucumber-gherkin (~> 15.0, >= 15.0.2)
      cucumber-messages (~> 13.0, >= 13.0.1)
      cucumber-tag-expressions (~> 2.0, >= 2.0.4)
    cucumber-create-meta (2.0.4)
      cucumber-messages (~> 13.1, >= 13.1.0)
      sys-uname (~> 1.2, >= 1.2.1)
    cucumber-cucumber-expressions (10.3.0)
    cucumber-gherkin (15.0.2)
      cucumber-messages (~> 13.0, >= 13.0.1)
    cucumber-html-formatter (9.0.0)
      cucumber-messages (~> 13.0, >= 13.0.1)
    cucumber-messages (13.2.1)
      protobuf-cucumber (~> 3.10, >= 3.10.8)
    cucumber-tag-expressions (2.0.4)
    cucumber-wire (4.0.1)
      cucumber-core (~> 8.0, >= 8.0.1)
      cucumber-cucumber-expressions (~> 10.3, >= 10.3.0)
      cucumber-messages (~> 13.0, >= 13.0.1)
    descendants_tracker (0.0.4)
      thread_safe (~> 0.3, >= 0.3.1)
    diff-lcs (1.4.4)
    docile (1.4.0)
    faraday (0.9.2)
      multipart-post (>= 1.2, < 3)
    ffi (1.15.3)
    git (1.9.1)
      rchardet (~> 1.8)
    github_api (0.16.0)
      addressable (~> 2.4.0)
      descendants_tracker (~> 0.0.4)
      faraday (~> 0.8, < 0.10)
      hashie (>= 3.4)
      mime-types (>= 1.16, < 3.0)
      oauth2 (~> 1.0)
    hashie (4.1.0)
    highline (2.0.3)
    i18n (1.8.10)
      concurrent-ruby (~> 1.0)
    jeweler (2.3.9)
      builder
      bundler
      git (>= 1.2.5)
      github_api (~> 0.16.0)
      highline (>= 1.6.15)
      nokogiri (>= 1.5.10)
      psych
      rake
      rdoc
      semver2
    jwt (2.2.3)
    middleware (0.1.0)
    mime-types (2.99.3)
    mini_portile2 (2.5.3)
    minitest (5.14.4)
    multi_json (1.15.0)
    multi_test (0.1.2)
    multi_xml (0.6.0)
    multipart-post (2.1.1)
    nokogiri (1.11.7)
      mini_portile2 (~> 2.5.0)
      racc (~> 1.4)
    oauth2 (1.4.7)
      faraday (>= 0.8, < 2.0)
      jwt (>= 1.0, < 3.0)
      multi_json (~> 1.3)
      multi_xml (~> 0.5)
      rack (>= 1.2, < 3)
    protobuf-cucumber (3.10.8)
      activesupport (>= 3.2)
      middleware
      thor
      thread_safe
    psych (4.0.1)
    racc (1.5.2)
    rack (2.2.3)
    rake (13.0.6)
    rchardet (1.8.0)
    rdoc (6.3.2)
    rspec (3.10.0)
      rspec-core (~> 3.10.0)
      rspec-expectations (~> 3.10.0)
      rspec-mocks (~> 3.10.0)
    rspec-collection_matchers (1.2.0)
      rspec-expectations (>= 2.99.0.beta1)
    rspec-core (3.10.1)
      rspec-support (~> 3.10.0)
    rspec-expectations (3.10.1)
      diff-lcs (>= 1.2.0, < 2.0)
      rspec-support (~> 3.10.0)
    rspec-mocks (3.10.2)
      diff-lcs (>= 1.2.0, < 2.0)
      rspec-support (~> 3.10.0)
    rspec-support (3.10.2)
    semver2 (3.4.2)
    simplecov (0.21.2)
      docile (~> 1.1)
      simplecov-html (~> 0.11)
      simplecov_json_formatter (~> 0.1)
    simplecov-html (0.12.3)
    simplecov_json_formatter (0.1.3)
    sys-uname (1.2.2)
      ffi (~> 1.1)
    thor (1.1.0)
    thread_safe (0.3.6)
    tzinfo (2.0.4)
      concurrent-ruby (~> 1.0)
    yard (0.9.26)
    zeitwerk (2.4.2)

PLATFORMS
  aarch64-linux-musl

DEPENDENCIES
  bundler
  cucumber
  jeweler
  rspec
  rspec-collection_matchers
  simplecov
  yard

BUNDLED WITH
   2.2.22
